GIT
  remote: git://github.com/boblail/faraday-raise-errors.git
  revision: 312dd28f2bab72fe9a798cff23d1a77877c3ee5a
  branch: master
  specs:
    faraday-raise-errors (0.2.0)
      faraday

GIT
  remote: git://github.com/boblail/neat-rails.git
  revision: d2bf2cf83d3fd0fdac676e789f4381e369a82d87
  branch: master
  specs:
    neat-rails (0.0.2)

GIT
  remote: git://github.com/boblail/unfuddle.git
  revision: 602faab57be1196dabea6fbf74bda2a01edf18f5
  branch: master
  specs:
    unfuddle (0.1.0)
      activesupport
      builder
      faraday (~> 0.8.8)

GIT
  remote: git://github.com/concordia-publishing-house/houston-dashboards.git
  revision: 844f1dec1c2ce236f9a476d0ebc2667fa964e9af
  branch: master
  specs:
    houston-dashboards (0.0.1)
      rails
      ruby-ntlm
      savon (~> 2.0)

GIT
  remote: git://github.com/concordia-publishing-house/houston-reports.git
  revision: f66a58f2d1cc3f12721358adf41e3255232be471
  branch: master
  specs:
    houston-reports (0.0.1)
      rails

GIT
  remote: git://github.com/concordia-publishing-house/houston-support_form.git
  revision: 7cb1c4a8aa07e66f77e5eeca063ae03a3b2511cb
  branch: master
  specs:
    houston-support_form (0.0.1)
      rails

GIT
  remote: git://github.com/concordia-publishing-house/idioms.git
  revision: 57168b02ee71addf2f5850d19dffd8a6b8e6709c
  branch: master
  specs:
    idioms (0.0.1)
      activesupport (>= 3.2.0)
      faraday-raise-errors (>= 0.2.0)

GIT
  remote: git://github.com/concordia-publishing-house/itsm.git
  revision: dbe9b64b9fd8a5c6dcc577adb6075c2f603d5fa8
  branch: master
  specs:
    itsm (0.0.1)
      nokogiri
      ruby-ntlm
      savon (~> 2.0)

GIT
  remote: git://github.com/concordia-publishing-house/star.git
  revision: 0f33c86e80953926135f978bae993ad71ab333fc
  branch: master
  specs:
    star (0.0.1)
      faraday
      faraday-raise-errors
      multi_json
      nokogiri
      ruby-ntlm

GIT
  remote: git://github.com/concordia-publishing-house/xlsx.git
  revision: c786b323d8f496b6f382f46a277af9d58d66968b
  branch: master
  specs:
    xlsx (0.1.0)
      nokogiri
      open_xml_package (~> 0.1.0)

GIT
  remote: git://github.com/houston/houston-alerts.git
  revision: 10e9be0bc27a994e195ff23426c3b05393f50456
  branch: master
  specs:
    houston-alerts (0.0.1)
      rails

GIT
  remote: git://github.com/houston/houston-feedback.git
  revision: 450e75bbc040c4e624aa612ef21dbf6414cf69b3
  branch: master
  specs:
    houston-feedback (0.0.1)
      activerecord-import
      pg_search
      rails

GIT
  remote: git://github.com/houston/houston-roadmap.git
  revision: 4632ecccd00bee966dadf2745d525e4299a40ab8
  branch: master
  specs:
    houston-roadmap (0.0.1)
      rails

GIT
  remote: git://github.com/houston/houston-scheduler.git
  revision: fbeddd2e72e7d74a03e978f4e20ca570b491c5fb
  branch: master
  specs:
    houston-scheduler (0.0.1)
      rails

GIT
  remote: git://github.com/houston/houston-slack.git
  revision: da246bb0d554034c928918afb85625fa135229b9
  branch: master
  specs:
    houston-slack (0.0.1)
      faraday
      multi_json
      rails
      websocket-driver

GIT
  remote: git://github.com/houston/oauth-plugin.git
  revision: fb90306916934d902e5459b86b887f6e88766a8c
  branch: master
  specs:
    oauth-plugin (0.5.1)
      multi_json
      oauth (~> 0.4.4)
      oauth2 (>= 0.5.0)
      rack

GIT
  remote: git://github.com/houston/simplecov-json.git
  revision: ad09e37eebbbb177fbc5e65bdd3db80cc997c6a6
  specs:
    simplecov-json (0.1.1)
      json
      simplecov

GIT
  remote: git://github.com/houston/vestal_versions.git
  revision: a3bec7ce5e4238b146dfa66ab918b3d78051a164
  branch: master
  specs:
    vestal_versions (2.0.0)
      activerecord (>= 3, < 5)
      activesupport (>= 3, < 5)

GIT
  remote: https://github.com/houston/devise_ldap_authenticatable.git
  revision: 3f30eca2363198af9dadd438bfb0a6dd0fbb72ca
  specs:
    devise_ldap_authenticatable (0.7.0)
      devise (~> 3.0.0)
      net-ldap (~> 0.2)

GEM
  remote: https://rubygems.org/
  specs:
    actionmailer (4.1.12)
      actionpack (= 4.1.12)
      actionview (= 4.1.12)
      mail (~> 2.5, >= 2.5.4)
    actionpack (4.1.12)
      actionview (= 4.1.12)
      activesupport (= 4.1.12)
      rack (~> 1.5.2)
      rack-test (~> 0.6.2)
    actionview (4.1.12)
      activesupport (= 4.1.12)
      builder (~> 3.1)
      erubis (~> 2.7.0)
    activemodel (4.1.12)
      activesupport (= 4.1.12)
      builder (~> 3.1)
    activerecord (4.1.12)
      activemodel (= 4.1.12)
      activesupport (= 4.1.12)
      arel (~> 5.0.0)
    activerecord-import (0.7.0)
      activerecord (>= 3.0)
    activesupport (4.1.12)
      i18n (~> 0.6, >= 0.6.9)
      json (~> 1.7, >= 1.7.7)
      minitest (~> 5.1)
      thread_safe (~> 0.1)
      tzinfo (~> 1.1)
    addressable (2.3.8)
    airbrake (4.3.0)
      builder
      multi_json
    akami (1.2.2)
      gyoku (>= 0.4.0)
      nokogiri
    ansi (1.4.3)
    arel (5.0.1.20140414130214)
    backbone-rails (1.0.0.1)
      rails (>= 3.0.0)
    bcrypt (3.1.10)
    bcrypt-ruby (3.1.5)
      bcrypt (>= 3.1.3)
    better_errors (2.0.0)
      coderay (>= 1.0.0)
      erubis (>= 2.6.6)
      rack (>= 0.9.0)
    builder (3.2.2)
    callsite (0.0.11)
    cancan (1.6.10)
    capybara (2.4.4)
      mime-types (>= 1.16)
      nokogiri (>= 1.3.3)
      rack (>= 1.0.0)
      rack-test (>= 0.5.4)
      xpath (~> 2.0)
    celluloid (0.16.0)
      timers (~> 4.0.0)
    childprocess (0.5.5)
      ffi (~> 1.0, >= 1.0.11)
    chronic (0.10.2)
    codeclimate-test-reporter (0.4.1)
      simplecov (>= 0.7.1, < 1.0.0)
    coderay (1.1.0)
    coffee-rails (4.0.1)
      coffee-script (>= 2.2.0)
      railties (>= 4.0.0, < 5.0)
    coffee-script (2.3.0)
      coffee-script-source
      execjs
    coffee-script-source (1.8.0)
    crack (0.4.2)
      safe_yaml (~> 1.0.0)
    css_parser (1.3.6)
      addressable
    default_value_for (3.0.0.1)
      activerecord (>= 3.2.0, < 5.0)
    devise (3.0.4)
      bcrypt-ruby (~> 3.0)
      orm_adapter (~> 0.1)
      railties (>= 3.2.6, < 5)
      warden (~> 1.2.3)
    devise_invitable (1.2.1)
      actionmailer (>= 3.2.6, < 5)
      devise (~> 3.0.0)
    docile (1.1.5)
    domain_name (0.5.23)
      unf (>= 0.0.5, < 1.0.0)
    engineyard (3.1.3)
      engineyard-cloud-client (~> 2.1)
      engineyard-serverside-adapter (~> 2.2)
      escape (~> 0.0.4)
      highline (~> 1.6.1)
      launchy (~> 2.1)
      net-ssh (~> 2.7)
    engineyard-cloud-client (2.1.1)
      multi_json (~> 1.6)
      rest-client (~> 1.7)
    engineyard-serverside-adapter (2.4.0)
      escape (~> 0.0.4)
      multi_json (~> 1.6)
    erubis (2.7.0)
    escape (0.0.4)
    execjs (2.2.2)
    factory_girl (4.5.0)
      activesupport (>= 3.0.0)
    factory_girl_rails (4.5.0)
      factory_girl (~> 4.5.0)
      railties (>= 3.0.0)
    faraday (0.8.9)
      multipart-post (~> 1.2.0)
    faraday-http-cache (0.4.2)
      faraday (~> 0.8)
    ffi (1.9.6)
    gemnasium (3.2.1)
    gemoji (2.1.0)
    googlecharts (1.6.8)
    gyoku (1.2.2)
      builder (>= 2.1.2)
    handlebars_assets (0.18)
      execjs (>= 1.2.9)
      multi_json
      sprockets (>= 2.0.3)
      tilt
    highline (1.6.21)
    hike (1.2.3)
    hitimes (1.2.2)
    hpricot (0.8.6)
    htmlentities (4.3.3)
    http-cookie (1.0.2)
      domain_name (~> 0.5)
    httpi (2.3.0)
      rack
    i18n (0.7.0)
    json (1.8.3)
    jwt (1.5.0)
    kgio (2.9.3)
    launchy (2.4.3)
      addressable (~> 2.3)
    letter_opener (1.2.0)
      launchy (~> 2.2)
    libv8 (3.16.14.7)
    macaddr (1.7.1)
      systemu (~> 2.6.2)
    mail (2.6.3)
      mime-types (>= 1.16, < 3)
    meta_request (0.3.4)
      callsite (~> 0.0, >= 0.0.11)
      rack-contrib (~> 1.1)
      railties (>= 3.0.0, < 5.0.0)
    method_source (0.8.2)
    mime-types (2.6.1)
    mini_portile (0.6.2)
    minitest (5.8.0)
    minitest-reporters (1.0.7)
      ansi
      builder
      minitest (>= 5.0)
      ruby-progressbar
    multi_json (1.11.2)
    multi_xml (0.5.5)
    multipart-post (1.2.0)
    net-ldap (0.11)
    net-ssh (2.9.2)
    netrc (0.10.3)
    nokogiri (1.6.6.2)
      mini_portile (~> 0.6.0)
    nori (2.4.0)
    oauth (0.4.7)
    oauth2 (1.0.0)
      faraday (>= 0.8, < 0.10)
      jwt (~> 1.0)
      multi_json (~> 1.3)
      multi_xml (~> 0.5)
      rack (~> 1.2)
    octokit (3.5.2)
      sawyer (~> 0.5.3)
    oj (2.12.10)
    open_xml_package (0.1.0)
      nokogiri
      rubyzip (~> 1.1.0)
    orm_adapter (0.5.0)
    pg (0.18.2)
    pg_search (0.7.9)
      activerecord (>= 3.1)
      activesupport (>= 3.1)
      arel
    premailer (1.8.4)
      css_parser (>= 1.3.6)
      htmlentities (>= 4.0.0)
    progressbar (0.21.0)
    pry (0.10.1)
      coderay (~> 1.1.0)
      method_source (~> 0.8.1)
      slop (~> 3.4)
    rack (1.5.5)
    rack-contrib (1.2.0)
      rack (>= 0.9.1)
    rack-test (0.6.3)
      rack (>= 1.0)
    rack-utf8_sanitizer (1.3.0)
      rack (~> 1.0)
    rails (4.1.12)
      actionmailer (= 4.1.12)
      actionpack (= 4.1.12)
      actionview (= 4.1.12)
      activemodel (= 4.1.12)
      activerecord (= 4.1.12)
      activesupport (= 4.1.12)
      bundler (>= 1.3.0, < 2.0)
      railties (= 4.1.12)
      sprockets-rails (~> 2.0)
    railties (4.1.12)
      actionpack (= 4.1.12)
      activesupport (= 4.1.12)
      rake (>= 0.8.7)
      thor (>= 0.18.1, < 2.0)
    raindrops (0.13.0)
    rake (10.4.2)
    redcarpet (3.3.2)
    ref (1.0.5)
    rest-client (1.8.0)
      http-cookie (>= 1.0.2, < 2.0)
      mime-types (>= 1.16, < 3.0)
      netrc (~> 0.7)
    rr (1.1.2)
    ruby-ntlm (0.0.1)
    ruby-progressbar (1.7.0)
    rubyzip (1.1.6)
    rufus-scheduler (3.0.9)
      tzinfo
    rugged (0.23.0)
    safe_yaml (1.0.4)
    sass (3.2.19)
    sass-rails (4.0.4)
      railties (>= 4.0.0, < 5.0)
      sass (~> 3.2.2)
      sprockets (~> 2.8, < 2.12)
      sprockets-rails (~> 2.0)
    savon (2.10.0)
      akami (~> 1.2)
      builder (>= 2.1.2)
      gyoku (~> 1.2)
      httpi (~> 2.3)
      nokogiri (>= 1.4.0)
      nori (~> 2.4)
      uuid (~> 2.3.7)
      wasabi (~> 3.4)
    sawyer (0.5.5)
      addressable (~> 2.3.5)
      faraday (~> 0.8, < 0.10)
    shoulda-context (1.2.1)
    simplecov (0.9.1)
      docile (~> 1.1.0)
      multi_json (~> 1.0)
      simplecov-html (~> 0.8.0)
    simplecov-html (0.8.0)
    skylight (0.6.1)
      activesupport (>= 3.0.0)
    slop (3.6.0)
    spring (1.1.3)
    sprockets (2.11.3)
      hike (~> 1.2)
      multi_json (~> 1.0)
      rack (~> 1.0)
      tilt (~> 1.1, != 1.3.0)
    sprockets-rails (2.3.2)
      actionpack (>= 3.0)
      activesupport (>= 3.0)
      sprockets (>= 2.8, < 4.0)
    strongbox (0.7.0)
      activerecord
    sucker_punch (1.5.0)
      celluloid (~> 0.16.0)
    sugar-rails (1.4.1)
      railties (>= 3.0.0)
    systemu (2.6.4)
    therubyracer (0.12.2)
      libv8 (~> 3.16.14.0)
      ref
    thor (0.19.1)
    thread_safe (0.3.5)
    tilt (1.4.1)
    timecop (0.7.1)
    timers (4.0.1)
      hitimes
    tzinfo (1.2.2)
      thread_safe (~> 0.1)
    uglifier (2.5.3)
      execjs (>= 0.3.0)
      json (>= 1.8.0)
    unf (0.1.4)
      unf_ext
    unf_ext (0.0.6)
    unicorn (4.9.0)
      kgio (~> 2.6)
      rack
      raindrops (~> 0.7)
    unicorn-rails (2.2.0)
      rack
      unicorn
    uuid (2.3.7)
      macaddr (~> 1.0)
    warden (1.2.3)
      rack (>= 1.0)
    wasabi (3.4.0)
      httpi (~> 2.0)
      nokogiri (>= 1.4.2)
    webmock (1.20.4)
      addressable (>= 2.3.6)
      crack (>= 0.3.2)
    websocket-driver (0.6.2)
      websocket-extensions (>= 0.1.0)
    websocket-extensions (0.1.2)
    whenever (0.9.2)
      activesupport (>= 2.3.4)
      chronic (>= 0.6.3)
    xpath (2.0.0)
      nokogiri (~> 1.3)

PLATFORMS
  ruby

DEPENDENCIES
  activerecord-import
  addressable
  airbrake
  backbone-rails (~> 1.0.0)
  better_errors
  bundler
  cancan
  capybara
  childprocess
  codeclimate-test-reporter (= 0.4.1)
  coffee-rails (~> 4.0.0)
  default_value_for
  devise (~> 3.0.0)
  devise_invitable
  devise_ldap_authenticatable!
  engineyard
  factory_girl_rails
  faraday
  faraday-http-cache
  faraday-raise-errors!
  gemnasium
  gemoji
  googlecharts
  handlebars_assets
  houston-alerts!
  houston-dashboards!
  houston-feedback!
  houston-reports!
  houston-roadmap!
  houston-scheduler!
  houston-slack!
  houston-support_form!
  hpricot
  idioms!
  itsm!
  letter_opener
  meta_request
  minitest
  minitest-reporters
  neat-rails!
  nokogiri
  oauth-plugin!
  octokit
  oj
  pg
  pg_search
  premailer
  progressbar
  pry
  rack-utf8_sanitizer
  rails (~> 4.1.0)
  redcarpet
  rr
  rufus-scheduler
  rugged (~> 0.23.0)
  sass-rails (~> 4.0.0)
  shoulda-context
  simplecov
  simplecov-json!
  skylight
  spring
  star!
  strongbox
  sucker_punch
  sugar-rails
  therubyracer
  thread_safe
  timecop
  uglifier (>= 1.3.0)
  unfuddle!
  unicorn-rails
  vestal_versions!
  webmock
  whenever (= 0.9.2)
  xlsx!

BUNDLED WITH
   1.10.6
